PATH
  remote: .
  specs:
    rackassembler (0.1.1)

GEM
  remote: https://rubygems.org/
  specs:
    minitest (5.22.3)
    rake (13.2.1)

PLATFORMS
  x64-mingw-ucrt

DEPENDENCIES
  minitest (~> 5.0)
  rackassembler!
  rake (~> 13.0)

BUNDLED WITH
   2.4.19
